GIT
  remote: git://github.com/framallo/inifile.git
  revision: ab4fa3d5403dfdd520b6cdfd998ed843b159f945
  specs:
    inifile (0.3.0)

GEM
  remote: http://rubygems.org/
  specs:
    actionmailer (2.3.5)
      actionpack (= 2.3.5)
    actionpack (2.3.5)
      activesupport (= 2.3.5)
      rack (~> 1.0.0)
    activerecord (2.3.5)
      activesupport (= 2.3.5)
    activeresource (2.3.5)
      activesupport (= 2.3.5)
    activesupport (2.3.5)
    bones (3.6.5)
      little-plugger (>= 1.1.2)
      loquacious (>= 1.7.0)
      rake (>= 0.8.7)
    bones-git (1.2.4)
      bones (>= 3.6)
      git (>= 1.2.5)
    columnize (0.3.2)
    git (1.2.5)
    kgio (2.6.0)
    linecache (0.43)
    little-plugger (1.1.2)
    lockfile (1.4.3)
    loquacious (1.7.1)
    mysql (2.8.1)
    net-ssh (2.1.3)
    oniguruma (1.1.0)
    orderedhash (0.0.6)
    plist (3.1.0)
    rack (1.0.1)
    rails (2.3.5)
      actionmailer (= 2.3.5)
      actionpack (= 2.3.5)
      activerecord (= 2.3.5)
      activeresource (= 2.3.5)
      activesupport (= 2.3.5)
      rake (>= 0.8.3)
    raindrops (0.7.0)
    rake (0.8.7)
    ruby-debug (0.10.4)
      columnize (>= 0.1)
      ruby-debug-base (~> 0.10.4.0)
    ruby-debug-base (0.10.4)
      linecache (>= 0.3)
    rubytree (0.8.1)
    textpow (0.10.1)
      oniguruma (>= 1.1.0)
      plist (>= 3.0.0)
    ultraviolet (0.10.2)
      textpow (>= 0.10.0)
    unicorn (4.1.1)
      kgio (~> 2.4)
      rack
      raindrops (~> 0.6)

PLATFORMS
  ruby

DEPENDENCIES
  bones (>= 3.4.7)
  bones-git
  inifile!
  lockfile
  mysql
  net-ssh
  orderedhash (>= 0.0.6)
  rails (= 2.3.5)
  ruby-debug
  rubytree
  ultraviolet
  unicorn
